GEM
  remote: https://rubygems.org/
  specs:
    concurrent-ruby (1.1.6)
    i18n (1.8.2)
      concurrent-ruby (~> 1.0)
    monetize (1.9.4)
      money (~> 6.12)
    money (6.13.7)
      i18n (>= 0.6.4, <= 2)

PLATFORMS
  ruby

DEPENDENCIES
  monetize

BUNDLED WITH
   2.1.4
